GENERATE-LOAD-SCRIPTS: ON
RESTRICTION: == net461
NUGET
  remote: https://www.nuget.org/api/v2
    Argu (5.5)
      FSharp.Core (>= 4.0.0.1)
    Deedle (1.2.5)
    DiffSharp (0.7.7)
      FSharp.Quotations.Evaluator (>= 1.0.6)
    ExcelDataReader (3.6)
    ExcelDataReader.DataSet (3.6)
      ExcelDataReader (>= 3.6)
    ExcelProvider (1.0.1)
      ExcelDataReader (>= 3.4.1)
      ExcelDataReader.DataSet (>= 3.4.1)
      FSharp.Core (>= 4.1.17)
    FAKE (4.64.13)
    FsCheck (2.14)
      FSharp.Core (>= 4.2.3)
    FsCheck.Xunit (2.14)
      FsCheck (2.14)
      xunit.extensibility.execution (>= 2.2 < 3.0)
    FSharp.Core (4.5)
    FSharp.Data (2.4.6)
    FSharp.Quotations.Evaluator (1.1.3)
      FSharp.Core (>= 3.0.2)
    Google.DataTable.Net.Wrapper (3.1.2)
    MathNet.Numerics (3.20.2)
    MathNet.Numerics.FSharp (3.20.2)
      FSharp.Core (>= 3.1.2.5)
      MathNet.Numerics (3.20.2)
    Microsoft.CodeCoverage (16.2)
    Microsoft.NET.Test.Sdk (16.2)
      Microsoft.CodeCoverage (>= 16.2)
    Nager.Date (1.25.3)
    NetOffice.Core (1.7.4.4)
    NetOffice.Excel (1.7.4.4)
      NetOffice.Core (>= 1.7.4.4)
    Newtonsoft.Json (11.0.2)
    Suave (2.1.1)
      FSharp.Core (>= 4.0.0.1)
    XPlot.GoogleCharts (1.5)
      FSharp.Core
      Google.DataTable.Net.Wrapper (>= 3.1.2)
      Newtonsoft.Json (>= 11.0.2)
    XPlot.GoogleCharts.Deedle (1.5)
      Deedle (>= 1.2.5)
      FSharp.Core
      XPlot.GoogleCharts (>= 1.5)
    XPlot.Plotly (1.5)
      FSharp.Core
      Newtonsoft.Json (>= 11.0.2)
    xunit (2.4.1)
      xunit.analyzers (>= 0.10)
      xunit.assert (2.4.1)
      xunit.core (2.4.1)
    xunit.abstractions (2.0.3)
    xunit.analyzers (0.10)
    xunit.assert (2.4.1)
    xunit.core (2.4.1)
      xunit.extensibility.core (2.4.1)
      xunit.extensibility.execution (2.4.1)
    xunit.extensibility.core (2.4.1)
      xunit.abstractions (>= 2.0.3)
    xunit.extensibility.execution (2.4.1)
      xunit.extensibility.core (2.4.1)
    xunit.runner.visualstudio (2.4.1)
  remote: https://api.nuget.org/v3/index.json
    FSharp.Literate.Scripts (1.1.6)
      Deedle (1.2.5)
      FSharp.Data (2.4.6)
      Google.DataTable.Net.Wrapper (3.1.2)
      MathNet.Numerics (3.20.2)
      MathNet.Numerics.FSharp (3.20.2)
      Newtonsoft.Json (11.0.2)
      Suave (2.1.1)
      XPlot.GoogleCharts (1.5)
      XPlot.GoogleCharts.Deedle (1.5)
      XPlot.Plotly (1.5)
    FsLab (1.1.6)
      Deedle (1.2.5)
      FSharp.Data (2.4.6)
      Google.DataTable.Net.Wrapper (3.1.2)
      MathNet.Numerics (3.20.2)
      MathNet.Numerics.FSharp (3.20.2)
      Newtonsoft.Json (11.0.2)
      Suave (2.1.1)
      XPlot.GoogleCharts (1.5)
      XPlot.GoogleCharts.Deedle (1.5)
      XPlot.Plotly (1.5)
